GEM
  remote: https://rubygems.org/
  specs:
    base64 (0.2.0)
    csv (3.3.0)
    exifr (1.4.0)
    geocoder (1.8.3)
      base64 (>= 0.1.0)
      csv (>= 3.0.0)

PLATFORMS
  ruby
  x86_64-linux

DEPENDENCIES
  exifr (~> 1.3, >= 1.3.9)
  geocoder (~> 1.3, >= 1.3.7)

RUBY VERSION
   ruby 3.3.4p94

BUNDLED WITH
   2.5.20
